PATH
  remote: .
  specs:
    youtube_dl (0.0.2)
      httparty

GEM
  remote: http://rubygems.org/
  specs:
    httparty (0.13.3)
      json (~> 1.8)
      multi_xml (>= 0.5.2)
    json (1.8.1)
    m (1.4.2)
      method_source (>= 0.6.7)
      rake (>= 0.9.2.2)
    method_source (0.8.2)
    minitest (5.4.0)
    multi_xml (0.5.5)
    rake (10.3.2)

PLATFORMS
  ruby

DEPENDENCIES
  m
  minitest
  rake
  youtube_dl!

BUNDLED WITH
   1.11.2
